GIT
  remote: git://github.com/reactjs/react-rails.git
  revision: 579a91a917b9577a16938d4ab4a097ab394d9282
  specs:
    react-rails (1.0.0.pre)
      connection_pool
      execjs
      rails (>= 3.1)
      react-source (~> 0.12)

GIT
  remote: https://github.com/getsentry/raven-ruby.git
  revision: 687fe5a5c1b1858a72c8891ba1e7d1ccd79aa0e1
  specs:
    sentry-raven (0.12.1)
      faraday (>= 0.7.6)

GIT
  remote: https://github.com/stripe/stripe-ruby
  revision: 62e110a33e5c742b2729e5191cb4335c1c6f517f
  specs:
    stripe (1.16.1)
      json (~> 1.8.1)
      mime-types (>= 1.25, < 3.0)
      rest-client (~> 1.4)

GEM
  remote: https://rubygems.org/
  specs:
    aasm (3.1.1)
    actionmailer (4.1.0)
      actionpack (= 4.1.0)
      actionview (= 4.1.0)
      mail (~> 2.5.4)
    actionpack (4.1.0)
      actionview (= 4.1.0)
      activesupport (= 4.1.0)
      rack (~> 1.5.2)
      rack-test (~> 0.6.2)
    actionview (4.1.0)
      activesupport (= 4.1.0)
      builder (~> 3.1)
      erubis (~> 2.7.0)
    activemodel (4.1.0)
      activesupport (= 4.1.0)
      builder (~> 3.1)
    activerecord (4.1.0)
      activemodel (= 4.1.0)
      activesupport (= 4.1.0)
      arel (~> 5.0.0)
    activesupport (4.1.0)
      i18n (~> 0.6, >= 0.6.9)
      json (~> 1.7, >= 1.7.7)
      minitest (~> 5.1)
      thread_safe (~> 0.1)
      tzinfo (~> 1.1)
    addressable (2.3.6)
    arel (5.0.1.20140414130214)
    awesome_print (1.2.0)
    aws-sdk (1.60.1)
      aws-sdk-v1 (= 1.60.1)
    aws-sdk-v1 (1.60.1)
      json (~> 1.4)
      nokogiri (>= 1.4.4)
    bcrypt-ruby (3.1.2)
    bootstrap-datepicker-rails (1.3.0.2)
      railties (>= 3.0)
    bootstrap-sass (3.1.1.0)
      sass (~> 3.2)
    builder (3.2.2)
    cancancan (1.7.1)
    capistrano (3.2.1)
      i18n
      rake (>= 10.0.0)
      sshkit (~> 1.3)
    capistrano-bundler (1.1.3)
      capistrano (~> 3.1)
      sshkit (~> 1.2)
    capistrano-rails (1.1.1)
      capistrano (~> 3.1)
      capistrano-bundler (~> 1.1)
    capistrano-rvm (0.1.1)
      capistrano (~> 3.0)
      sshkit (~> 1.2)
    capybara (2.2.0)
      mime-types (>= 1.16)
      nokogiri (>= 1.3.3)
      rack (>= 1.0.0)
      rack-test (>= 0.5.4)
      xpath (~> 2.0)
    celluloid (0.16.0)
      timers (~> 4.0.0)
    climate_control (0.0.3)
      activesupport (>= 3.0)
    cocaine (0.5.5)
      climate_control (>= 0.0.3, < 1.0)
    code_analyzer (0.4.5)
      sexp_processor
    coffee-rails (4.0.1)
      coffee-script (>= 2.2.0)
      railties (>= 4.0.0, < 5.0)
    coffee-script (2.3.0)
      coffee-script-source
      execjs
    coffee-script-source (1.8.0)
    colored (1.2)
    colorize (0.7.5)
    commonjs (0.2.7)
    connection_pool (2.1.0)
    devise (3.2.3)
      bcrypt-ruby (~> 3.0)
      orm_adapter (~> 0.1)
      railties (>= 3.2.6, < 5)
      thread_safe (~> 0.1)
      warden (~> 1.2.3)
    devise-async (0.9.0)
      devise (~> 3.2)
    diff-lcs (1.2.5)
    echowrap (0.1.4)
      faraday (~> 0.9)
      multi_json (~> 1.0)
      simple_oauth (~> 0.2)
    erubis (2.7.0)
    execjs (2.2.2)
    factory_girl (4.2.0)
      activesupport (>= 3.0.0)
    factory_girl_rails (4.2.0)
      factory_girl (~> 4.2.0)
      railties (>= 3.0.0)
    faraday (0.9.0)
      multipart-post (>= 1.2, < 3)
    figaro (0.7.0)
      bundler (~> 1.0)
      rails (>= 3, < 5)
    font-awesome-rails (4.2.0.0)
      railties (>= 3.2, < 5.0)
    google_places (0.20.0)
      httparty
    google_timezone (0.0.3)
    hashie (3.3.2)
    hike (1.2.3)
    hitimes (1.2.2)
    httparty (0.13.3)
      json (~> 1.8)
      multi_xml (>= 0.5.2)
    i18n (0.7.0)
    jbuilder (1.0.2)
      activesupport (>= 3.0.0)
    jquery-countdown-rails (2.0.0)
    jquery-easing-rails (0.0.1)
      railties (>= 3.1.0)
    jquery-rails (3.0.4)
      railties (>= 3.0, < 5.0)
      thor (>= 0.14, < 2.0)
    jquery-ui-rails (5.0.0)
      railties (>= 3.2.16)
    json (1.8.1)
    jwt (1.2.0)
    kgio (2.9.2)
    less (2.6.0)
      commonjs (~> 0.2.7)
    less-rails (2.6.0)
      actionpack (>= 3.1)
      less (~> 2.6.0)
    libv8 (3.16.14.7)
    mail (2.5.4)
      mime-types (~> 1.16)
      treetop (~> 1.4.8)
    mime-types (1.25.1)
    mini_portile (0.6.1)
    minitest (5.5.0)
    multi_json (1.10.1)
    multi_xml (0.5.5)
    multipart-post (2.0.0)
    nested_form (0.3.2)
    net-scp (1.2.1)
      net-ssh (>= 2.6.5)
    net-ssh (2.9.1)
    netrc (0.10.2)
    newrelic_rpm (3.7.2.195)
    nokogiri (1.6.5)
      mini_portile (~> 0.6.0)
    oauth2 (1.0.0)
      faraday (>= 0.8, < 0.10)
      jwt (~> 1.0)
      multi_json (~> 1.3)
      multi_xml (~> 0.5)
      rack (~> 1.2)
    omniauth (1.2.2)
      hashie (>= 1.2, < 4)
      rack (~> 1.0)
    omniauth-facebook (1.6.0)
      omniauth-oauth2 (~> 1.1)
    omniauth-oauth2 (1.2.0)
      faraday (>= 0.8, < 0.10)
      multi_json (~> 1.3)
      oauth2 (~> 1.0)
      omniauth (~> 1.2)
    omniauth-stripe-connect (2.5.0)
      omniauth (~> 1.0)
      omniauth-oauth2 (~> 1.2.0)
    orm_adapter (0.5.0)
    paper_trail (3.0.2)
      activerecord (>= 3.0, < 5.0)
      activesupport (>= 3.0, < 5.0)
    paperclip (4.2.1)
      activemodel (>= 3.0.0)
      activesupport (>= 3.0.0)
      cocaine (~> 0.5.3)
      mime-types
    pg (0.15.1)
    polyglot (0.3.5)
    postrank-uri (1.0.18)
      addressable (~> 2.3.0)
      nokogiri (~> 1.6.1)
      public_suffix (~> 1.1.3)
    public_suffix (1.1.3)
    rack (1.5.2)
    rack-test (0.6.2)
      rack (>= 1.0)
    rails (4.1.0)
      actionmailer (= 4.1.0)
      actionpack (= 4.1.0)
      actionview (= 4.1.0)
      activemodel (= 4.1.0)
      activerecord (= 4.1.0)
      activesupport (= 4.1.0)
      bundler (>= 1.3.0, < 2.0)
      railties (= 4.1.0)
      sprockets-rails (~> 2.0)
    rails3-jquery-autocomplete (1.0.14)
      rails (>= 3.0)
    rails_12factor (0.0.2)
      rails_serve_static_assets
      rails_stdout_logging
    rails_best_practices (1.15.4)
      activesupport
      awesome_print
      code_analyzer (>= 0.4.3)
      colored
      erubis
      i18n
      json
      require_all
      ruby-progressbar
    rails_serve_static_assets (0.0.2)
    rails_stdout_logging (0.0.3)
    railties (4.1.0)
      actionpack (= 4.1.0)
      activesupport (= 4.1.0)
      rake (>= 0.8.7)
      thor (>= 0.18.1, < 2.0)
    raindrops (0.13.0)
    rake (10.4.2)
    rdoc (3.12.2)
      json (~> 1.4)
    react-source (0.12.2)
    redis (3.2.0)
    redis-namespace (1.5.1)
      redis (~> 3.0, >= 3.0.4)
    ref (1.0.5)
    require_all (1.3.2)
    rest-client (1.7.2)
      mime-types (>= 1.16, < 3.0)
      netrc (~> 0.7)
    retina_tag (1.3.1)
      jquery-rails
      rails (>= 3.1)
    rspec-core (3.0.4)
      rspec-support (~> 3.0.0)
    rspec-expectations (3.0.4)
      diff-lcs (>= 1.2.0, < 2.0)
      rspec-support (~> 3.0.0)
    rspec-mocks (3.0.4)
      rspec-support (~> 3.0.0)
    rspec-rails (3.0.2)
      actionpack (>= 3.0)
      activesupport (>= 3.0)
      railties (>= 3.0)
      rspec-core (~> 3.0.0)
      rspec-expectations (~> 3.0.0)
      rspec-mocks (~> 3.0.0)
      rspec-support (~> 3.0.0)
    rspec-support (3.0.4)
    ruby-progressbar (1.7.1)
    rvm-capistrano (1.5.0)
      capistrano (>= 2.15.4)
    sass (3.2.19)
    sass-rails (4.0.3)
      railties (>= 4.0.0, < 5.0)
      sass (~> 3.2.0)
      sprockets (~> 2.8, <= 2.11.0)
      sprockets-rails (~> 2.0)
    sdoc (0.3.20)
      json (>= 1.1.3)
      rdoc (~> 3.10)
    sexp_processor (4.4.4)
    sidekiq (3.0.2)
      celluloid (>= 0.15.2)
      connection_pool (>= 2.0.0)
      json
      redis (>= 3.0.6)
      redis-namespace (>= 1.3.1)
    simple_form (3.1.0)
      actionpack (~> 4.0)
      activemodel (~> 4.0)
    simple_oauth (0.3.0)
    sprockets (2.11.0)
      hike (~> 1.2)
      multi_json (~> 1.0)
      rack (~> 1.0)
      tilt (~> 1.1, != 1.3.0)
    sprockets-rails (2.1.1)
      actionpack (>= 3.0)
      activesupport (>= 3.0)
      sprockets (~> 2.8)
    sqlite3 (1.3.8)
    sshkit (1.6.1)
      colorize (>= 0.7.0)
      net-scp (>= 1.1.2)
      net-ssh (>= 2.8.0)
    therubyracer (0.12.1)
      libv8 (~> 3.16.14.0)
      ref
    thor (0.19.1)
    thread_safe (0.3.4)
    tilt (1.4.1)
    timers (4.0.1)
      hitimes
    treetop (1.4.15)
      polyglot
      polyglot (>= 0.3.1)
    turbolinks (1.1.1)
      coffee-rails
    tzinfo (1.2.2)
      thread_safe (~> 0.1)
    uglifier (2.1.1)
      execjs (>= 0.3.0)
      multi_json (~> 1.0, >= 1.0.2)
    unicorn (4.8.3)
      kgio (~> 2.6)
      rack
      raindrops (~> 0.7)
    warden (1.2.3)
      rack (>= 1.0)
    wikipedia-client (1.3.0)
    will_paginate (3.0.4)
    xpath (2.0.0)
      nokogiri (~> 1.3)

PLATFORMS
  ruby

DEPENDENCIES
  aasm (= 3.1.1)
  aws-sdk (= 1.60.1)
  bcrypt-ruby (= 3.1.2)
  bootstrap-datepicker-rails (= 1.3.0.2)
  bootstrap-sass (= 3.1.1.0)
  cancancan (= 1.7.1)
  capistrano (= 3.2.1)
  capistrano-bundler (= 1.1.3)
  capistrano-rails (= 1.1.1)
  capistrano-rvm (= 0.1.1)
  capybara (= 2.2.0)
  coffee-rails (= 4.0.1)
  devise (= 3.2.3)
  devise-async (= 0.9.0)
  echowrap (= 0.1.4)
  factory_girl_rails (= 4.2.0)
  figaro (= 0.7.0)
  font-awesome-rails (= 4.2.0.0)
  google_places (= 0.20.0)
  google_timezone (= 0.0.3)
  jbuilder (= 1.0.2)
  jquery-countdown-rails (= 2.0.0)
  jquery-easing-rails (= 0.0.1)
  jquery-rails (= 3.0.4)
  jquery-ui-rails (= 5.0.0)
  less-rails (~> 2.6.0)
  nested_form (= 0.3.2)
  newrelic_rpm (= 3.7.2.195)
  omniauth-facebook (= 1.6.0)
  omniauth-stripe-connect (>= 2.4.0)
  paper_trail (= 3.0.2)
  paperclip (~> 4.2)
  pg (= 0.15.1)
  postrank-uri (~> 1.0.18)
  rails (= 4.1.0)
  rails3-jquery-autocomplete (= 1.0.14)
  rails_12factor (= 0.0.2)
  rails_best_practices (= 1.15.4)
  react-rails (~> 1.0.0.pre)!
  retina_tag (= 1.3.1)
  rspec-rails (= 3.0.2)
  rvm-capistrano (= 1.5.0)
  sass-rails (= 4.0.3)
  sdoc (= 0.3.20)
  sentry-raven!
  sidekiq (= 3.0.2)
  simple_form (>= 3.1.0.rc1)
  sprockets-rails (= 2.1.1)
  sqlite3 (= 1.3.8)
  stripe!
  therubyracer (= 0.12.1)
  turbolinks (= 1.1.1)
  uglifier (= 2.1.1)
  unicorn (= 4.8.3)
  wikipedia-client (= 1.3.0)
  will_paginate (= 3.0.4)
